GEM
  remote: https://rubygems.org/
  specs:
    avro (1.7.7)
      multi_json
    curses (1.0.1)
    diff-lcs (1.2.5)
    dispel (0.0.7)
      curses
    eventmachine (1.0.9.1)
    faye-websocket (0.10.2)
      eventmachine (>= 0.12.0)
      websocket-driver (>= 0.5.1)
    multi_json (1.11.2)
    rspec (3.3.0)
      rspec-core (~> 3.3.0)
      rspec-expectations (~> 3.3.0)
      rspec-mocks (~> 3.3.0)
    rspec-core (3.3.2)
      rspec-support (~> 3.3.0)
    rspec-eventmachine (0.2.0)
      eventmachine (>= 0.12.0)
      rspec (>= 2.0, < 4.0)
    rspec-expectations (3.3.1)
      diff-lcs (>= 1.2.0, < 2.0)
      rspec-support (~> 3.3.0)
    rspec-mocks (3.3.2)
      diff-lcs (>= 1.2.0, < 2.0)
      rspec-support (~> 3.3.0)
    rspec-support (3.3.0)
    websocket-driver (0.6.3)
      websocket-extensions (>= 0.1.0)
    websocket-extensions (0.1.2)

PLATFORMS
  ruby

DEPENDENCIES
  avro
  dispel
  faye-websocket
  rspec
  rspec-eventmachine
